GEM
  remote: https://rubygems.org/
  specs:
    addressable (2.3.8)
    backports (3.6.0)
    daemons (1.1.9)
    diff-lcs (1.2.5)
    domain_name (0.5.24)
      unf (>= 0.0.5, < 1.0.0)
    dotenv (2.0.2)
    ethon (0.11.0)
      ffi (>= 1.3.0)
    eventmachine (1.0.3)
    faraday (0.9.2)
      multipart-post (>= 1.2, < 3)
    ffi (1.9.25)
    github-markdown (0.6.9)
    haml (4.0.5)
      tilt
    http-cookie (1.0.2)
      domain_name (~> 0.5)
    i18n (0.6.11)
    json (2.1.0)
    kubernetes (1.0.0.pre.alpha1)
      json (~> 2.1, >= 2.1.0)
      typhoeus (~> 1.0, >= 1.0.1)
    mime-types (2.6.2)
    multi_json (1.10.1)
    multipart-post (2.0.0)
    mysqlplus (0.1.2)
    net-ldap (0.3.1)
    netrc (0.10.3)
    octokit (4.2.0)
      sawyer (~> 0.6.0, >= 0.5.3)
    rack (1.5.2)
    rack-protection (1.5.3)
      rack
    rack-test (0.6.2)
      rack (>= 1.0)
    rake (10.3.2)
    rest-client (1.8.0)
      http-cookie (>= 1.0.2, < 2.0)
      mime-types (>= 1.16, < 3.0)
      netrc (~> 0.7)
    rspec (3.0.0)
      rspec-core (~> 3.0.0)
      rspec-expectations (~> 3.0.0)
      rspec-mocks (~> 3.0.0)
    rspec-core (3.0.4)
      rspec-support (~> 3.0.0)
    rspec-expectations (3.0.4)
      diff-lcs (>= 1.2.0, < 2.0)
      rspec-support (~> 3.0.0)
    rspec-mocks (3.0.4)
      rspec-support (~> 3.0.0)
    rspec-support (3.0.4)
    sawyer (0.6.0)
      addressable (~> 2.3.5)
      faraday (~> 0.8, < 0.10)
    sequel (4.26.0)
    sinatra (1.4.5)
      rack (~> 1.4)
      rack-protection (~> 1.4)
      tilt (~> 1.3, >= 1.3.4)
    sinatra-contrib (1.4.2)
      backports (>= 2.0)
      multi_json
      rack-protection
      rack-test
      sinatra (~> 1.4.0)
      tilt (~> 1.3)
    sinatra-session (1.0.0)
      sinatra (>= 1.0)
    sqlite3 (1.3.9)
    thin (1.6.2)
      daemons (>= 1.0.9)
      eventmachine (>= 1.0.0)
      rack (>= 1.0.0)
    tilt (1.4.1)
    typhoeus (1.3.0)
      ethon (>= 0.9.0)
    unf (0.1.4)
      unf_ext
    unf_ext (0.0.7.1)

PLATFORMS
  ruby

DEPENDENCIES
  dotenv (~> 2.0.2)
  github-markdown (~> 0.6.9)
  haml (~> 4.0.4)
  i18n (~> 0.6.11)
  json (~> 2.1.0)
  kubernetes (~> 1.0.0.pre.alpha1)
  mysqlplus (~> 0.1.2)
  net-ldap (~> 0.3.1)
  octokit (~> 4.2)
  rack-test (~> 0.6.2)
  rake (~> 10.3.2)
  rest-client (~> 1.8.0)
  rspec (~> 3.0.0)
  sequel (~> 4.26.0)
  sinatra (~> 1.4.5)
  sinatra-contrib (~> 1.4.2)
  sinatra-session (~> 1.0.0)
  sqlite3 (~> 1.3.9)
  thin (~> 1.6.1)

RUBY VERSION
   ruby 2.1.3p242

BUNDLED WITH
   1.14.6
